GEM
  remote: https://rubygems.org/
  specs:
    builder (3.2.2)
    cucumber (1.3.8)
      builder (>= 2.1.2)
      diff-lcs (>= 1.1.3)
      gherkin (~> 2.12.1)
      multi_json (>= 1.7.5, < 2.0)
      multi_test (>= 0.0.2)
    cucumber-pro (0.0.12)
      faye-websocket (~> 0.7)
    diff-lcs (1.2.4)
    eventmachine (1.0.3)
    faye-websocket (0.7.3)
      eventmachine (>= 0.12.0)
      websocket-driver (>= 0.3.1)
    gherkin (2.12.1)
      multi_json (~> 1.3)
    multi_json (1.8.0)
    multi_test (0.0.2)
    rspec (2.14.1)
      rspec-core (~> 2.14.0)
      rspec-expectations (~> 2.14.0)
      rspec-mocks (~> 2.14.0)
    rspec-core (2.14.5)
    rspec-expectations (2.14.3)
      diff-lcs (>= 1.1.3, < 2.0)
    rspec-mocks (2.14.3)
    websocket-driver (0.3.3)

PLATFORMS
  ruby

DEPENDENCIES
  cucumber
  cucumber-pro
  rspec
